GEM
  remote: http://rubygems.org/
  specs:
    coderay (1.0.9)
    dimensions (1.2.0)
    highline (1.6.16)
    method_source (0.8.1)
    mime-types (1.21)
    pry (0.9.12)
      coderay (~> 1.0.5)
      method_source (~> 0.8)
      slop (~> 3.4)
    pry-nav (0.2.3)
      pry (~> 0.9.10)
    slop (3.4.4)
    taglib-ruby (0.5.2)
    term-ansicolor (1.1.1)

PLATFORMS
  ruby

DEPENDENCIES
  dimensions
  highline
  mime-types
  pry
  pry-nav
  taglib-ruby
  term-ansicolor
